PATH
  remote: .
  specs:
    clerk_first (0.0.1)

GEM
  remote: https://rubygems.org/
  specs:

PLATFORMS
  ruby

DEPENDENCIES
  clerk_first!

BUNDLED WITH
   1.12.5
